GEM
  remote: https://rubygems.org/
  specs:
    bigdecimal (3.1.8)
    byebug (11.1.3)
    csv (3.3.0)
    diff-lcs (1.5.1)
    dotenv (3.1.4)
    easy_broker (1.1.0)
      httparty (~> 0.21)
    httparty (0.22.0)
      csv
      mini_mime (>= 1.0.0)
      multi_xml (>= 0.5.2)
    mini_mime (1.1.5)
    multi_xml (0.7.1)
      bigdecimal (~> 3.1)
    rspec (3.13.0)
      rspec-core (~> 3.13.0)
      rspec-expectations (~> 3.13.0)
      rspec-mocks (~> 3.13.0)
    rspec-core (3.13.1)
      rspec-support (~> 3.13.0)
    rspec-expectations (3.13.3)
      diff-lcs (>= 1.2.0, < 2.0)
      rspec-support (~> 3.13.0)
    rspec-mocks (3.13.2)
      diff-lcs (>= 1.2.0, < 2.0)
      rspec-support (~> 3.13.0)
    rspec-support (3.13.1)

PLATFORMS
  arm64-darwin-22
  ruby

DEPENDENCIES
  byebug
  dotenv
  easy_broker
  rspec

BUNDLED WITH
   2.5.22
